GEM
  remote: https://rubygems.org/
  specs:
    algorithms (0.6.1)
    aws-sdk (2.6.12)
      aws-sdk-resources (= 2.6.12)
    aws-sdk-core (2.6.12)
      jmespath (~> 1.0)
    aws-sdk-resources (2.6.12)
      aws-sdk-core (= 2.6.12)
    coderay (1.1.1)
    event_bus (1.1.1)
    jmespath (1.3.1)
    method_source (0.8.2)
    pry (0.10.4)
      coderay (~> 1.1.0)
      method_source (~> 0.8.1)
      slop (~> 3.4)
    rack (1.6.4)
    rack-protection (1.5.3)
      rack
    rake (10.4.2)
    sinatra (1.4.7)
      rack (~> 1.5)
      rack-protection (~> 1.4)
      tilt (>= 1.3, < 3)
    slop (3.6.0)
    tilt (2.0.5)

PLATFORMS
  ruby

DEPENDENCIES
  algorithms
  aws-sdk
  event_bus
  pry
  rake
  sinatra

BUNDLED WITH
   1.13.6
